GEM
  remote: http://rubygems.org/
  specs:
    addressable (2.4.0)
    chunky_png (1.3.7)
    coderay (1.1.1)
    compass (0.12.7)
      chunky_png (~> 1.2)
      fssm (>= 0.2.7)
      sass (~> 3.2.19)
    compass-960-plugin (0.10.4)
      compass (>= 0.10.0)
    compass-validator (3.0.1)
    css_parser (1.4.5)
      addressable
    em-websocket (0.5.1)
      eventmachine (>= 0.12.9)
      http_parser.rb (~> 0.6.0)
    eventmachine (1.2.0.1)
    ffi (1.9.14)
    formatador (0.2.5)
    fssm (0.2.10)
    guard (1.7.0)
      formatador (>= 0.2.4)
      listen (>= 0.6.0)
      lumberjack (>= 1.0.2)
      pry (>= 0.9.10)
      thor (>= 0.14.6)
    guard-compass (0.0.6)
      compass (>= 0.10.5)
      guard (>= 0.2.1)
    guard-livereload (1.3.0)
      em-websocket (>= 0.2.0)
      guard (>= 1.5.0)
      multi_json (~> 1.0)
    http_parser.rb (0.6.0)
    listen (0.7.3)
    lumberjack (1.0.10)
    method_source (0.8.2)
    multi_json (1.12.1)
    oily_png (1.2.1)
      chunky_png (~> 1.3.7)
    pry (0.10.4)
      coderay (~> 1.1.0)
      method_source (~> 0.8.1)
      slop (~> 3.4)
    rb-inotify (0.8.8)
      ffi (>= 0.5.0)
    sass (3.2.19)
    slop (3.6.0)
    thor (0.19.1)
    yajl-ruby (1.2.1)

PLATFORMS
  ruby

DEPENDENCIES
  compass
  compass-960-plugin
  compass-validator
  css_parser
  guard-compass
  guard-livereload
  oily_png
  rb-inotify (~> 0.8.8)
  yajl-ruby

BUNDLED WITH
   1.13.1
